GIT
  remote: https://github.com/corestate55/netomox
  revision: b83476b2c6001ec389724d01a783922108163c2b
  branch: develop
  specs:
    netomox (0.1.0)
      neography (~> 1.8.0)
      termcolor (~> 1.2.2)
      thor (~> 0.20.0)

GEM
  remote: https://rubygems.org/
  specs:
    ast (2.4.0)
    excon (0.64.0)
    highline (2.0.2)
    jaro_winkler (1.5.2)
    json (2.2.0)
    multi_json (1.13.1)
    neography (1.8.0)
      excon (>= 0.33.0)
      json (>= 1.7.7)
      multi_json (>= 1.3.2)
      os (>= 0.9.6)
      rake (>= 0.8.7)
      rubyzip (>= 1.0.0)
    os (1.0.1)
    parallel (1.17.0)
    parser (2.6.3.0)
      ast (~> 2.4.0)
    rainbow (3.0.0)
    rake (12.3.2)
    rubocop (0.69.0)
      jaro_winkler (~> 1.5.1)
      parallel (~> 1.10)
      parser (>= 2.6)
      rainbow (>= 2.2.2, < 4.0)
      ruby-progressbar (~> 1.7)
      unicode-display_width (>= 1.4.0, < 1.7)
    ruby-progressbar (1.10.0)
    rubyzip (1.2.2)
    termcolor (1.2.2)
      highline (>= 1.5.0)
    thor (0.20.3)
    unicode-display_width (1.6.0)

PLATFORMS
  ruby

DEPENDENCIES
  netomox!
  rubocop (>= 0.68.1)

BUNDLED WITH
   1.17.3
