GIT
  remote: https://github.com/corestate55/netomox
  revision: d2116593f438902a3b332b72a263de88e32b5fe4
  branch: develop
  specs:
    netomox (0.1.0)
      neography (~> 1.8.0)
      termcolor (~> 1.2.2)
      thor (~> 0.20.0)

GEM
  remote: https://rubygems.org/
  specs:
    excon (0.62.0)
    highline (2.0.1)
    json (2.2.0)
    multi_json (1.13.1)
    neography (1.8.0)
      excon (>= 0.33.0)
      json (>= 1.7.7)
      multi_json (>= 1.3.2)
      os (>= 0.9.6)
      rake (>= 0.8.7)
      rubyzip (>= 1.0.0)
    os (1.0.0)
    rake (12.3.2)
    rubyzip (1.2.2)
    termcolor (1.2.2)
      highline (>= 1.5.0)
    thor (0.20.3)

PLATFORMS
  ruby

DEPENDENCIES
  netomox!

BUNDLED WITH
   1.17.3
